PATH
  remote: .
  specs:
    canal (0.0.6)

GEM
  remote: https://rubygems.org/
  specs:
    minitest (5.25.4)
    rake (13.2.1)

PLATFORMS
  ruby

DEPENDENCIES
  bundler (~> 2.6)
  canal!
  minitest
  rake

CHECKSUMS
  canal (0.0.6)
  minitest (5.25.4) sha256=9cf2cae25ac4dfc90c988ebc3b917f53c054978b673273da1bd20bcb0778f947
  rake (13.2.1) sha256=46cb38dae65d7d74b6020a4ac9d48afed8eb8149c040eccf0523bec91907059d

BUNDLED WITH
   2.6.1
